GEM
  remote: http://rubygems.org/
  specs:
    elasticsearch (2.0.2)
      elasticsearch-api (= 2.0.2)
      elasticsearch-transport (= 2.0.2)
    elasticsearch-api (2.0.2)
      multi_json
    elasticsearch-transport (2.0.2)
      faraday
      multi_json
    faraday (1.3.0)
      faraday-net_http (~> 1.0)
      multipart-post (>= 1.2, < 3)
      ruby2_keywords
    faraday-net_http (1.0.1)
    libv8 (3.16.14.19-x86_64-linux)
    multi_json (1.15.0)
    multipart-post (2.1.1)
    nio4r (2.5.7)
    puma (5.2.2)
      nio4r (~> 2.0)
    rack (2.2.3)
    rack-rewrite (1.5.1)
    ref (2.0.0)
    ruby2_keywords (0.0.4)
    therubyracer (0.12.3)
      libv8 (~> 3.16.14.15)
      ref

PLATFORMS
  x86_64-linux

DEPENDENCIES
  elasticsearch (~> 2.0.0)
  puma
  rack
  rack-rewrite
  therubyracer

RUBY VERSION
   ruby 2.5.3p105

BUNDLED WITH
   2.2.15
